GEM
  remote: https://rubygems.org/
  specs:
    addressable (2.6.0)
      public_suffix (>= 2.0.2, < 4.0)
    apparition (0.3.0)
      capybara (~> 3.13, < 4)
      websocket-driver (>= 0.6.5)
    capybara (3.28.0)
      addressable
      mini_mime (>= 0.1.3)
      nokogiri (~> 1.8)
      rack (>= 1.6.0)
      rack-test (>= 0.6.3)
      regexp_parser (~> 1.5)
      xpath (~> 3.2)
    erubi (1.8.0)
    ffi (1.11.1)
    mini_mime (1.0.2)
    mini_portile2 (2.4.0)
    minitest (5.11.3)
    minitest-hooks (1.5.0)
      minitest (> 5.3)
    nio4r (2.4.0)
    nokogiri (1.10.3)
      mini_portile2 (~> 2.4.0)
    pg (1.1.4)
    public_suffix (3.1.1)
    puma (4.0.1)
      nio4r (~> 2.0)
    rack (2.0.7)
    rack-test (1.1.0)
      rack (>= 1.0, < 3)
    rack-unreloader (1.7.0)
    rack_csrf (2.6.0)
      rack (>= 1.1.0)
    rb-fsevent (0.10.3)
    rb-inotify (0.10.0)
      ffi (~> 1.0)
    regexp_parser (1.6.0)
    roda (3.22.0)
      rack
    sass (3.7.4)
      sass-listen (~> 4.0.0)
    sass-listen (4.0.0)
      rb-fsevent (~> 0.9, >= 0.9.4)
      rb-inotify (~> 0.9, >= 0.9.7)
    sequel (5.23.0)
    sequel_pg (1.12.2)
      pg (>= 0.18.0)
      sequel (>= 4.38.0)
    tilt (2.0.9)
    websocket-driver (0.7.1)
      websocket-extensions (>= 0.1.0)
    websocket-extensions (0.1.5)
    xpath (3.2.0)
      nokogiri (~> 1.8)

PLATFORMS
  ruby

DEPENDENCIES
  apparition
  capybara
  erubi
  minitest (>= 5.7.0)
  minitest-hooks (>= 1.1.0)
  puma
  rack-unreloader
  rack_csrf
  roda (>= 3)
  sass
  sequel (>= 5)
  sequel_pg
  tilt (>= 2)

BUNDLED WITH
   1.17.2
